GEM
  remote: https://rubygems.org/
  specs:
    activesupport (5.1.1)
      concurrent-ruby (~> 1.0, >= 1.0.2)
      i18n (~> 0.7)
      minitest (~> 5.1)
      tzinfo (~> 1.1)
    aws-partitions (1.8.0)
    aws-sdk (3.0.0.rc8)
      aws-sdk-acm (= 1.0.0.rc6)
      aws-sdk-apigateway (= 1.0.0.rc7)
      aws-sdk-applicationautoscaling (= 1.0.0.rc5)
      aws-sdk-applicationdiscoveryservice (= 1.0.0.rc6)
      aws-sdk-appstream (= 1.0.0.rc6)
      aws-sdk-athena (= 1.0.0.rc1)
      aws-sdk-autoscaling (= 1.0.0.rc5)
      aws-sdk-batch (= 1.0.0.rc5)
      aws-sdk-budgets (= 1.0.0.rc6)
      aws-sdk-clouddirectory (= 1.0.0.rc5)
      aws-sdk-cloudformation (= 1.0.0.rc6)
      aws-sdk-cloudfront (= 1.0.0.rc6)
      aws-sdk-cloudhsm (= 1.0.0.rc5)
      aws-sdk-cloudsearch (= 1.0.0.rc5)
      aws-sdk-cloudsearchdomain (= 1.0.0.rc6)
      aws-sdk-cloudtrail (= 1.0.0.rc7)
      aws-sdk-cloudwatch (= 1.0.0.rc5)
      aws-sdk-cloudwatchevents (= 1.0.0.rc5)
      aws-sdk-cloudwatchlogs (= 1.0.0.rc6)
      aws-sdk-codebuild (= 1.0.0.rc7)
      aws-sdk-codecommit (= 1.0.0.rc6)
      aws-sdk-codedeploy (= 1.0.0.rc7)
      aws-sdk-codepipeline (= 1.0.0.rc6)
      aws-sdk-codestar (= 1.0.0.rc3)
      aws-sdk-cognitoidentity (= 1.0.0.rc7)
      aws-sdk-cognitoidentityprovider (= 1.0.0.rc6)
      aws-sdk-cognitosync (= 1.0.0.rc5)
      aws-sdk-configservice (= 1.0.0.rc8)
      aws-sdk-costandusagereportservice (= 1.0.0.rc7)
      aws-sdk-databasemigrationservice (= 1.0.0.rc6)
      aws-sdk-datapipeline (= 1.0.0.rc5)
      aws-sdk-devicefarm (= 1.0.0.rc5)
      aws-sdk-directconnect (= 1.0.0.rc7)
      aws-sdk-directoryservice (= 1.0.0.rc6)
      aws-sdk-dynamodb (= 1.0.0.rc7)
      aws-sdk-dynamodbstreams (= 1.0.0.rc6)
      aws-sdk-ec2 (= 1.0.0.rc7)
      aws-sdk-ecr (= 1.0.0.rc6)
      aws-sdk-ecs (= 1.0.0.rc7)
      aws-sdk-efs (= 1.0.0.rc6)
      aws-sdk-elasticache (= 1.0.0.rc6)
      aws-sdk-elasticbeanstalk (= 1.0.0.rc8)
      aws-sdk-elasticloadbalancing (= 1.0.0.rc5)
      aws-sdk-elasticloadbalancingv2 (= 1.0.0.rc6)
      aws-sdk-elasticsearchservice (= 1.0.0.rc6)
      aws-sdk-elastictranscoder (= 1.0.0.rc5)
      aws-sdk-emr (= 1.0.0.rc5)
      aws-sdk-firehose (= 1.0.0.rc7)
      aws-sdk-gamelift (= 1.0.0.rc6)
      aws-sdk-glacier (= 1.0.0.rc5)
      aws-sdk-health (= 1.0.0.rc7)
      aws-sdk-iam (= 1.0.0.rc7)
      aws-sdk-importexport (= 1.0.0.rc5)
      aws-sdk-inspector (= 1.0.0.rc6)
      aws-sdk-iot (= 1.0.0.rc5)
      aws-sdk-iotdataplane (= 1.0.0.rc5)
      aws-sdk-kinesis (= 1.0.0.rc5)
      aws-sdk-kinesisanalytics (= 1.0.0.rc5)
      aws-sdk-kms (= 1.0.0.rc7)
      aws-sdk-lambda (= 1.0.0.rc8)
      aws-sdk-lambdapreview (= 1.0.0.rc5)
      aws-sdk-lex (= 1.0.0.rc4)
      aws-sdk-lexmodelbuildingservice (= 1.0.0.rc4)
      aws-sdk-lightsail (= 1.0.0.rc6)
      aws-sdk-machinelearning (= 1.0.0.rc5)
      aws-sdk-marketplacecommerceanalytics (= 1.0.0.rc6)
      aws-sdk-marketplaceentitlementservice (= 1.0.0.rc4)
      aws-sdk-marketplacemetering (= 1.0.0.rc5)
      aws-sdk-mturk (= 1.0.0.rc6)
      aws-sdk-opsworks (= 1.0.0.rc5)
      aws-sdk-opsworkscm (= 1.0.0.rc7)
      aws-sdk-organizations (= 1.0.0.rc5)
      aws-sdk-pinpoint (= 1.0.0.rc6)
      aws-sdk-polly (= 1.0.0.rc7)
      aws-sdk-rds (= 1.0.0.rc9)
      aws-sdk-redshift (= 1.0.0.rc5)
      aws-sdk-rekognition (= 1.0.0.rc9)
      aws-sdk-resourcegroupstaggingapi (= 1.0.0.rc4)
      aws-sdk-route53 (= 1.0.0.rc7)
      aws-sdk-route53domains (= 1.0.0.rc5)
      aws-sdk-s3 (= 1.0.0.rc8)
      aws-sdk-servicecatalog (= 1.0.0.rc5)
      aws-sdk-ses (= 1.0.0.rc5)
      aws-sdk-shield (= 1.0.0.rc6)
      aws-sdk-simpledb (= 1.0.0.rc5)
      aws-sdk-sms (= 1.0.0.rc5)
      aws-sdk-snowball (= 1.0.0.rc7)
      aws-sdk-sns (= 1.0.0.rc5)
      aws-sdk-sqs (= 1.0.0.rc8)
      aws-sdk-ssm (= 1.0.0.rc7)
      aws-sdk-states (= 1.0.0.rc4)
      aws-sdk-storagegateway (= 1.0.0.rc7)
      aws-sdk-support (= 1.0.0.rc5)
      aws-sdk-swf (= 1.0.0.rc5)
      aws-sdk-waf (= 1.0.0.rc7)
      aws-sdk-wafregional (= 1.0.0.rc7)
      aws-sdk-workdocs (= 1.0.0.rc5)
      aws-sdk-workspaces (= 1.0.0.rc4)
      aws-sdk-xray (= 1.0.0.rc6)
    aws-sdk-acm (1.0.0.rc6)
      aws-sdk-core (~> 3.0.0.rc12)
      aws-sigv4 (~> 1.0)
    aws-sdk-apigateway (1.0.0.rc7)
      aws-sdk-core (~> 3.0.0.rc12)
      aws-sigv4 (~> 1.0)
    aws-sdk-applicationautoscaling (1.0.0.rc5)
      aws-sdk-core (~> 3.0.0.rc12)
      aws-sigv4 (~> 1.0)
    aws-sdk-applicationdiscoveryservice (1.0.0.rc6)
      aws-sdk-core (~> 3.0.0.rc12)
      aws-sigv4 (~> 1.0)
    aws-sdk-appstream (1.0.0.rc6)
      aws-sdk-core (~> 3.0.0.rc12)
      aws-sigv4 (~> 1.0)
    aws-sdk-athena (1.0.0.rc1)
      aws-sdk-core (~> 3.0.0.rc12)
      aws-sigv4 (~> 1.0)
    aws-sdk-autoscaling (1.0.0.rc5)
      aws-sdk-core (~> 3.0.0.rc12)
      aws-sigv4 (~> 1.0)
    aws-sdk-batch (1.0.0.rc5)
      aws-sdk-core (~> 3.0.0.rc12)
      aws-sigv4 (~> 1.0)
    aws-sdk-budgets (1.0.0.rc6)
      aws-sdk-core (~> 3.0.0.rc12)
      aws-sigv4 (~> 1.0)
    aws-sdk-clouddirectory (1.0.0.rc5)
      aws-sdk-core (~> 3.0.0.rc12)
      aws-sigv4 (~> 1.0)
    aws-sdk-cloudformation (1.0.0.rc6)
      aws-sdk-core (~> 3.0.0.rc12)
      aws-sigv4 (~> 1.0)
    aws-sdk-cloudfront (1.0.0.rc6)
      aws-sdk-core (~> 3.0.0.rc12)
      aws-sigv4 (~> 1.0)
    aws-sdk-cloudhsm (1.0.0.rc5)
      aws-sdk-core (~> 3.0.0.rc12)
      aws-sigv4 (~> 1.0)
    aws-sdk-cloudsearch (1.0.0.rc5)
      aws-sdk-core (~> 3.0.0.rc12)
      aws-sigv4 (~> 1.0)
    aws-sdk-cloudsearchdomain (1.0.0.rc6)
      aws-sdk-core (~> 3.0.0.rc12)
      aws-sigv4 (~> 1.0)
    aws-sdk-cloudtrail (1.0.0.rc7)
      aws-sdk-core (~> 3.0.0.rc12)
      aws-sigv4 (~> 1.0)
    aws-sdk-cloudwatch (1.0.0.rc5)
      aws-sdk-core (~> 3.0.0.rc12)
      aws-sigv4 (~> 1.0)
    aws-sdk-cloudwatchevents (1.0.0.rc5)
      aws-sdk-core (~> 3.0.0.rc12)
      aws-sigv4 (~> 1.0)
    aws-sdk-cloudwatchlogs (1.0.0.rc6)
      aws-sdk-core (~> 3.0.0.rc12)
      aws-sigv4 (~> 1.0)
    aws-sdk-codebuild (1.0.0.rc7)
      aws-sdk-core (~> 3.0.0.rc12)
      aws-sigv4 (~> 1.0)
    aws-sdk-codecommit (1.0.0.rc6)
      aws-sdk-core (~> 3.0.0.rc12)
      aws-sigv4 (~> 1.0)
    aws-sdk-codedeploy (1.0.0.rc7)
      aws-sdk-core (~> 3.0.0.rc12)
      aws-sigv4 (~> 1.0)
    aws-sdk-codepipeline (1.0.0.rc6)
      aws-sdk-core (~> 3.0.0.rc12)
      aws-sigv4 (~> 1.0)
    aws-sdk-codestar (1.0.0.rc3)
      aws-sdk-core (~> 3.0.0.rc12)
      aws-sigv4 (~> 1.0)
    aws-sdk-cognitoidentity (1.0.0.rc7)
      aws-sdk-core (~> 3.0.0.rc12)
      aws-sigv4 (~> 1.0)
    aws-sdk-cognitoidentityprovider (1.0.0.rc6)
      aws-sdk-core (~> 3.0.0.rc12)
      aws-sigv4 (~> 1.0)
    aws-sdk-cognitosync (1.0.0.rc5)
      aws-sdk-core (~> 3.0.0.rc12)
      aws-sigv4 (~> 1.0)
    aws-sdk-configservice (1.0.0.rc8)
      aws-sdk-core (~> 3.0.0.rc12)
      aws-sigv4 (~> 1.0)
    aws-sdk-core (3.0.0.rc12)
      aws-partitions (~> 1.0)
      aws-sigv4 (~> 1.0)
      jmespath (~> 1.0)
    aws-sdk-costandusagereportservice (1.0.0.rc7)
      aws-sdk-core (~> 3.0.0.rc12)
      aws-sigv4 (~> 1.0)
    aws-sdk-databasemigrationservice (1.0.0.rc6)
      aws-sdk-core (~> 3.0.0.rc12)
      aws-sigv4 (~> 1.0)
    aws-sdk-datapipeline (1.0.0.rc5)
      aws-sdk-core (~> 3.0.0.rc12)
      aws-sigv4 (~> 1.0)
    aws-sdk-devicefarm (1.0.0.rc5)
      aws-sdk-core (~> 3.0.0.rc12)
      aws-sigv4 (~> 1.0)
    aws-sdk-directconnect (1.0.0.rc7)
      aws-sdk-core (~> 3.0.0.rc12)
      aws-sigv4 (~> 1.0)
    aws-sdk-directoryservice (1.0.0.rc6)
      aws-sdk-core (~> 3.0.0.rc12)
      aws-sigv4 (~> 1.0)
    aws-sdk-dynamodb (1.0.0.rc7)
      aws-sdk-core (~> 3.0.0.rc12)
      aws-sigv4 (~> 1.0)
    aws-sdk-dynamodbstreams (1.0.0.rc6)
      aws-sdk-core (~> 3.0.0.rc12)
      aws-sigv4 (~> 1.0)
    aws-sdk-ec2 (1.0.0.rc7)
      aws-sdk-core (~> 3.0.0.rc12)
      aws-sigv4 (~> 1.0)
    aws-sdk-ecr (1.0.0.rc6)
      aws-sdk-core (~> 3.0.0.rc12)
      aws-sigv4 (~> 1.0)
    aws-sdk-ecs (1.0.0.rc7)
      aws-sdk-core (~> 3.0.0.rc12)
      aws-sigv4 (~> 1.0)
    aws-sdk-efs (1.0.0.rc6)
      aws-sdk-core (~> 3.0.0.rc12)
      aws-sigv4 (~> 1.0)
    aws-sdk-elasticache (1.0.0.rc6)
      aws-sdk-core (~> 3.0.0.rc12)
      aws-sigv4 (~> 1.0)
    aws-sdk-elasticbeanstalk (1.0.0.rc8)
      aws-sdk-core (~> 3.0.0.rc12)
      aws-sigv4 (~> 1.0)
    aws-sdk-elasticloadbalancing (1.0.0.rc5)
      aws-sdk-core (~> 3.0.0.rc12)
      aws-sigv4 (~> 1.0)
    aws-sdk-elasticloadbalancingv2 (1.0.0.rc6)
      aws-sdk-core (~> 3.0.0.rc12)
      aws-sigv4 (~> 1.0)
    aws-sdk-elasticsearchservice (1.0.0.rc6)
      aws-sdk-core (~> 3.0.0.rc12)
      aws-sigv4 (~> 1.0)
    aws-sdk-elastictranscoder (1.0.0.rc5)
      aws-sdk-core (~> 3.0.0.rc12)
      aws-sigv4 (~> 1.0)
    aws-sdk-emr (1.0.0.rc5)
      aws-sdk-core (~> 3.0.0.rc12)
      aws-sigv4 (~> 1.0)
    aws-sdk-firehose (1.0.0.rc7)
      aws-sdk-core (~> 3.0.0.rc12)
      aws-sigv4 (~> 1.0)
    aws-sdk-gamelift (1.0.0.rc6)
      aws-sdk-core (~> 3.0.0.rc12)
      aws-sigv4 (~> 1.0)
    aws-sdk-glacier (1.0.0.rc5)
      aws-sdk-core (~> 3.0.0.rc12)
      aws-sigv4 (~> 1.0)
    aws-sdk-health (1.0.0.rc7)
      aws-sdk-core (~> 3.0.0.rc12)
      aws-sigv4 (~> 1.0)
    aws-sdk-iam (1.0.0.rc7)
      aws-sdk-core (~> 3.0.0.rc12)
      aws-sigv4 (~> 1.0)
    aws-sdk-importexport (1.0.0.rc5)
      aws-sdk-core (~> 3.0.0.rc12)
      aws-sigv2 (~> 1.0)
    aws-sdk-inspector (1.0.0.rc6)
      aws-sdk-core (~> 3.0.0.rc12)
      aws-sigv4 (~> 1.0)
    aws-sdk-iot (1.0.0.rc5)
      aws-sdk-core (~> 3.0.0.rc12)
      aws-sigv4 (~> 1.0)
    aws-sdk-iotdataplane (1.0.0.rc5)
      aws-sdk-core (~> 3.0.0.rc12)
      aws-sigv4 (~> 1.0)
    aws-sdk-kinesis (1.0.0.rc5)
      aws-sdk-core (~> 3.0.0.rc12)
      aws-sigv4 (~> 1.0)
    aws-sdk-kinesisanalytics (1.0.0.rc5)
      aws-sdk-core (~> 3.0.0.rc12)
      aws-sigv4 (~> 1.0)
    aws-sdk-kms (1.0.0.rc7)
      aws-sdk-core (~> 3.0.0.rc12)
      aws-sigv4 (~> 1.0)
    aws-sdk-lambda (1.0.0.rc8)
      aws-sdk-core (~> 3.0.0.rc12)
      aws-sigv4 (~> 1.0)
    aws-sdk-lambdapreview (1.0.0.rc5)
      aws-sdk-core (~> 3.0.0.rc12)
      aws-sigv4 (~> 1.0)
    aws-sdk-lex (1.0.0.rc4)
      aws-sdk-core (~> 3.0.0.rc12)
      aws-sigv4 (~> 1.0)
    aws-sdk-lexmodelbuildingservice (1.0.0.rc4)
      aws-sdk-core (~> 3.0.0.rc12)
      aws-sigv4 (~> 1.0)
    aws-sdk-lightsail (1.0.0.rc6)
      aws-sdk-core (~> 3.0.0.rc12)
      aws-sigv4 (~> 1.0)
    aws-sdk-machinelearning (1.0.0.rc5)
      aws-sdk-core (~> 3.0.0.rc12)
      aws-sigv4 (~> 1.0)
    aws-sdk-marketplacecommerceanalytics (1.0.0.rc6)
      aws-sdk-core (~> 3.0.0.rc12)
      aws-sigv4 (~> 1.0)
    aws-sdk-marketplaceentitlementservice (1.0.0.rc4)
      aws-sdk-core (~> 3.0.0.rc12)
      aws-sigv4 (~> 1.0)
    aws-sdk-marketplacemetering (1.0.0.rc5)
      aws-sdk-core (~> 3.0.0.rc12)
      aws-sigv4 (~> 1.0)
    aws-sdk-mturk (1.0.0.rc6)
      aws-sdk-core (~> 3.0.0.rc12)
      aws-sigv4 (~> 1.0)
    aws-sdk-opsworks (1.0.0.rc5)
      aws-sdk-core (~> 3.0.0.rc12)
      aws-sigv4 (~> 1.0)
    aws-sdk-opsworkscm (1.0.0.rc7)
      aws-sdk-core (~> 3.0.0.rc12)
      aws-sigv4 (~> 1.0)
    aws-sdk-organizations (1.0.0.rc5)
      aws-sdk-core (~> 3.0.0.rc12)
      aws-sigv4 (~> 1.0)
    aws-sdk-pinpoint (1.0.0.rc6)
      aws-sdk-core (~> 3.0.0.rc12)
      aws-sigv4 (~> 1.0)
    aws-sdk-polly (1.0.0.rc7)
      aws-sdk-core (~> 3.0.0.rc12)
      aws-sigv4 (~> 1.0)
    aws-sdk-rds (1.0.0.rc9)
      aws-sdk-core (~> 3.0.0.rc12)
      aws-sigv4 (~> 1.0)
    aws-sdk-redshift (1.0.0.rc5)
      aws-sdk-core (~> 3.0.0.rc12)
      aws-sigv4 (~> 1.0)
    aws-sdk-rekognition (1.0.0.rc9)
      aws-sdk-core (~> 3.0.0.rc12)
      aws-sigv4 (~> 1.0)
    aws-sdk-resourcegroupstaggingapi (1.0.0.rc4)
      aws-sdk-core (~> 3.0.0.rc12)
      aws-sigv4 (~> 1.0)
    aws-sdk-route53 (1.0.0.rc7)
      aws-sdk-core (~> 3.0.0.rc12)
      aws-sigv4 (~> 1.0)
    aws-sdk-route53domains (1.0.0.rc5)
      aws-sdk-core (~> 3.0.0.rc12)
      aws-sigv4 (~> 1.0)
    aws-sdk-s3 (1.0.0.rc8)
      aws-sdk-core (~> 3.0.0.rc12)
      aws-sdk-kms (= 1.0.0.rc7)
      aws-sigv4 (~> 1.0)
    aws-sdk-servicecatalog (1.0.0.rc5)
      aws-sdk-core (~> 3.0.0.rc12)
      aws-sigv4 (~> 1.0)
    aws-sdk-ses (1.0.0.rc5)
      aws-sdk-core (~> 3.0.0.rc12)
      aws-sigv4 (~> 1.0)
    aws-sdk-shield (1.0.0.rc6)
      aws-sdk-core (~> 3.0.0.rc12)
      aws-sigv4 (~> 1.0)
    aws-sdk-simpledb (1.0.0.rc5)
      aws-sdk-core (~> 3.0.0.rc12)
      aws-sigv2 (~> 1.0)
    aws-sdk-sms (1.0.0.rc5)
      aws-sdk-core (~> 3.0.0.rc12)
      aws-sigv4 (~> 1.0)
    aws-sdk-snowball (1.0.0.rc7)
      aws-sdk-core (~> 3.0.0.rc12)
      aws-sigv4 (~> 1.0)
    aws-sdk-sns (1.0.0.rc5)
      aws-sdk-core (~> 3.0.0.rc12)
      aws-sigv4 (~> 1.0)
    aws-sdk-sqs (1.0.0.rc8)
      aws-sdk-core (~> 3.0.0.rc12)
      aws-sigv4 (~> 1.0)
    aws-sdk-ssm (1.0.0.rc7)
      aws-sdk-core (~> 3.0.0.rc12)
      aws-sigv4 (~> 1.0)
    aws-sdk-states (1.0.0.rc4)
      aws-sdk-core (~> 3.0.0.rc12)
      aws-sigv4 (~> 1.0)
    aws-sdk-storagegateway (1.0.0.rc7)
      aws-sdk-core (~> 3.0.0.rc12)
      aws-sigv4 (~> 1.0)
    aws-sdk-support (1.0.0.rc5)
      aws-sdk-core (~> 3.0.0.rc12)
      aws-sigv4 (~> 1.0)
    aws-sdk-swf (1.0.0.rc5)
      aws-sdk-core (~> 3.0.0.rc12)
      aws-sigv4 (~> 1.0)
    aws-sdk-waf (1.0.0.rc7)
      aws-sdk-core (~> 3.0.0.rc12)
      aws-sigv4 (~> 1.0)
    aws-sdk-wafregional (1.0.0.rc7)
      aws-sdk-core (~> 3.0.0.rc12)
      aws-sigv4 (~> 1.0)
    aws-sdk-workdocs (1.0.0.rc5)
      aws-sdk-core (~> 3.0.0.rc12)
      aws-sigv4 (~> 1.0)
    aws-sdk-workspaces (1.0.0.rc4)
      aws-sdk-core (~> 3.0.0.rc12)
      aws-sigv4 (~> 1.0)
    aws-sdk-xray (1.0.0.rc6)
      aws-sdk-core (~> 3.0.0.rc12)
      aws-sigv4 (~> 1.0)
    aws-sigv2 (1.0.0)
    aws-sigv4 (1.0.0)
    codeclimate-test-reporter (1.0.7)
      simplecov
    coderay (1.1.1)
    concurrent-ruby (1.0.5)
    diff-lcs (1.3)
    docile (1.1.5)
    i18n (0.8.4)
    jmespath (1.3.1)
    json (2.1.0)
    method_source (0.8.2)
    minitest (5.10.2)
    pry (0.10.4)
      coderay (~> 1.1.0)
      method_source (~> 0.8.1)
      slop (~> 3.4)
    rake (12.0.0)
    rspec (3.6.0)
      rspec-core (~> 3.6.0)
      rspec-expectations (~> 3.6.0)
      rspec-mocks (~> 3.6.0)
    rspec-core (3.6.0)
      rspec-support (~> 3.6.0)
    rspec-expectations (3.6.0)
      diff-lcs (>= 1.2.0, < 2.0)
      rspec-support (~> 3.6.0)
    rspec-mocks (3.6.0)
      diff-lcs (>= 1.2.0, < 2.0)
      rspec-support (~> 3.6.0)
    rspec-support (3.6.0)
    simplecov (0.14.1)
      docile (~> 1.1.0)
      json (>= 1.8, < 3)
      simplecov-html (~> 0.10.0)
    simplecov-html (0.10.1)
    slop (3.6.0)
    thread_safe (0.3.6)
    tzinfo (1.2.3)
      thread_safe (~> 0.1)

PLATFORMS
  ruby

DEPENDENCIES
  activesupport
  aws-sdk (~> 3.0.0.rc8)
  codeclimate-test-reporter
  pry
  rake
  rspec
  simplecov

BUNDLED WITH
   1.15.0
